GEM
  remote: http://rubygems.org/
  specs:
    faraday (0.8.7)
      multipart-post (~> 1.1)
    json (1.8.0)
    multipart-post (1.2.0)
    rake (10.0.4)
    rdoc (4.0.1)
      json (~> 1.4)
    redcarpet (2.2.2)
    yard (0.8.6.1)

PLATFORMS
  ruby

DEPENDENCIES
  faraday
  rake
  rdoc
  redcarpet
  yard
