GEM
  remote: http://rubygems.org/
  specs:
    faraday (0.8.7)
      multipart-post (~> 1.1)
    multipart-post (1.2.0)
    redcarpet (2.2.2)
    yard (0.8.6.1)

PLATFORMS
  ruby

DEPENDENCIES
  faraday
  redcarpet
  yard
